GEM
  remote: https://api.rubygems.org/
  specs:
    backports (3.12.0)
    byebug (11.0.0)
    coderay (1.1.2)
    daru (0.2.1)
      backports
      packable (~> 1.3.9)
    diff-lcs (1.3)
    lurn (0.1.2)
      daru (~> 0.2.1)
      ruby-stemmer (~> 0.9.6)
      terminal-table (>= 1.8.0, ~> 1.8.0)
    method_source (0.9.2)
    packable (1.3.10)
      backports
    pry (0.12.2)
      coderay (~> 1.1.0)
      method_source (~> 0.9.0)
    pry-byebug (3.7.0)
      byebug (~> 11.0)
      pry (~> 0.10)
    rspec (3.8.0)
      rspec-core (~> 3.8.0)
      rspec-expectations (~> 3.8.0)
      rspec-mocks (~> 3.8.0)
    rspec-core (3.8.0)
      rspec-support (~> 3.8.0)
    rspec-expectations (3.8.2)
      diff-lcs (>= 1.2.0, < 2.0)
      rspec-support (~> 3.8.0)
    rspec-mocks (3.8.0)
      diff-lcs (>= 1.2.0, < 2.0)
      rspec-support (~> 3.8.0)
    rspec-support (3.8.0)
    rspec_junit_formatter (0.4.1)
      rspec-core (>= 2, != 2.12.0, < 4)
    ruby-stemmer (0.9.6)
    terminal-table (1.8.0)
      unicode-display_width (~> 1.1, >= 1.1.1)
    unicode-display_width (1.4.1)

PLATFORMS
  ruby

DEPENDENCIES
  byebug (~> 11.0)
  daru
  lurn (~> 0.1.1)
  pry (~> 0.12.2)
  pry-byebug (~> 3.7)
  rspec
  rspec_junit_formatter
